GEM
  remote: https://rubygems.org/
  specs:
    bson (4.1.1)
    bson_ext (1.5.1)
    mongo (2.3.1)
      bson (~> 4.1)
    rack (1.6.4)
    rack-protection (1.5.3)
      rack
    sinatra (1.4.7)
      rack (~> 1.5)
      rack-protection (~> 1.4)
      tilt (>= 1.3, < 3)
    tilt (2.0.5)

PLATFORMS
  ruby

DEPENDENCIES
  bson_ext
  mongo
  sinatra

BUNDLED WITH
   1.13.6
